NUGET
  remote: https://nuget.org/api/v2
  specs:
    FAKE (3.24.0)
    FunScript (1.1.91)
    FunScript.TypeScript.Binding.lib (1.1.0.37)
